GIT
  remote: https://github.com/beeminder/beeminder-gem.git
  revision: 77b80ff036dec84e034bc107a076788c537c7b45
  specs:
    beeminder (0.2.12)
      activesupport (>= 3.2, < 7)
      chronic (~> 0.7)
      highline (~> 1.6)
      json
      optimist (~> 3)
      tzinfo

GEM
  remote: https://rubygems.org/
  specs:
    activesupport (6.0.6.1)
      concurrent-ruby (~> 1.0, >= 1.0.2)
      i18n (>= 0.7, < 2)
      minitest (~> 5.1)
      tzinfo (~> 1.1)
      zeitwerk (~> 2.2, >= 2.2.2)
    awesome_print (1.9.2)
    chronic (0.10.2)
    concurrent-ruby (1.2.0)
    highline (1.7.10)
    i18n (1.12.0)
      concurrent-ruby (~> 1.0)
    json (2.6.2)
    mini_portile2 (2.8.0)
    minitest (5.17.0)
    optimist (3.0.1)
    sequel (5.62.0)
    sqlite3 (1.5.3)
      mini_portile2 (~> 2.8.0)
    thread_safe (0.3.6)
    tzinfo (1.2.11)
      thread_safe (~> 0.1)
    zeitwerk (2.6.6)

PLATFORMS
  ruby

DEPENDENCIES
  activesupport (< 7.0)
  awesome_print
  beeminder!
  sequel
  sqlite3

RUBY VERSION
   ruby 2.7.6p219

BUNDLED WITH
   2.1.4
